GEM
  remote: https://rubygems.org/
  specs:
    ffi (1.11.1)
    listen (3.1.5)
      rb-fsevent (~> 0.9, >= 0.9.4)
      rb-inotify (~> 0.9, >= 0.9.7)
      ruby_dep (~> 1.2)
    rb-fsevent (0.10.3)
    rb-inotify (0.10.0)
      ffi (~> 1.0)
    ruby_dep (1.5.0)

PLATFORMS
  ruby

DEPENDENCIES
  listen

RUBY VERSION
   ruby 2.6.3p62

BUNDLED WITH
   1.17.2
